GEM
  remote: https://rubygems.org/
  specs:
    addressable (2.3.6)
    bcrypt-ruby (3.0.1)
    choice (0.1.6)
    faraday (0.9.0)
      multipart-post (>= 1.2, < 3)
    git (1.2.8)
    httmultiparty (0.3.16)
      httparty (>= 0.7.3)
      mimemagic
      multipart-post
    httparty (0.11.0)
      multi_json (~> 1.0)
      multi_xml (>= 0.5.2)
    json (1.7.7)
    launchy (2.2.0)
      addressable (~> 2.3)
    lolcommits (0.5.5)
      choice (~> 0.1.6)
      git (~> 1.2.5)
      httmultiparty
      httparty (~> 0.11.0)
      json (~> 1.7.6)
      launchy (~> 2.2.0)
      methadone (~> 1.2.4)
      mime-types (~> 1.25)
      mini_magick (~> 3.5)
      oauth
      open4 (~> 1.3.0)
      rest-client
      twitter (~> 4.8.1)
      yam (~> 2.0.1)
    methadone (1.2.6)
      bundler
    mime-types (1.25.1)
    mimemagic (0.2.1)
    mini_magick (3.8.1)
      subexec (~> 0.2.1)
    multi_json (1.10.1)
    multi_xml (0.5.5)
    multipart-post (2.0.0)
    oauth (0.4.7)
    oauth2-client (1.1.3)
      addressable (~> 2.3.3)
      bcrypt-ruby (~> 3.0.0)
    oj (2.0.14)
    open4 (1.3.4)
    rdoc (4.1.2)
      json (~> 1.4)
    rest-client (1.6.8)
      mime-types (~> 1.16)
      rdoc (>= 2.4.2)
    simple_oauth (0.3.0)
    subexec (0.2.3)
    twitter (4.8.1)
      faraday (~> 0.8, < 0.10)
      multi_json (~> 1.0)
      simple_oauth (~> 0.2)
    yam (2.0.2)
      addressable (~> 2.3.3)
      multi_json (~> 1.3)
      oauth2-client (~> 1.1.2)
      oj (~> 2.0.10)
      rest-client (~> 1.6.7)

PLATFORMS
  ruby

DEPENDENCIES
  lolcommits
